GEM
  remote: https://rubygems.org/
  specs:
    coderay (1.1.1)
    fastercsv (1.5.5)
    json (2.1.0)
    method_source (0.8.2)
    pry (0.10.4)
      coderay (~> 1.1.0)
      method_source (~> 0.8.1)
      slop (~> 3.4)
    require_all (1.4.0)
    slop (3.6.0)
    sqlite3 (1.3.13)

PLATFORMS
  ruby

DEPENDENCIES
  fastercsv
  json
  pry
  require_all
  sqlite3

BUNDLED WITH
   1.15.1
